GEM
  remote: https://rubygems.org/
  specs:
    activesupport (4.2.0)
      i18n (~> 0.7)
      json (~> 1.7, >= 1.7.7)
      minitest (~> 5.1)
      thread_safe (~> 0.3, >= 0.3.4)
      tzinfo (~> 1.1)
    ffi (1.9.6-x86-mingw32)
    i18n (0.7.0)
    json (1.8.2)
    minitest (5.5.1)
    net-ping (1.7.6-x86-mingw32)
      win32-security (>= 0.2.0)
    thread_safe (0.3.4)
    tzinfo (1.2.2)
      thread_safe (~> 0.1)
    win32-security (0.3.1)
      ffi

PLATFORMS
  x86-mingw32

DEPENDENCIES
  activesupport
  net-ping
